NUGET
  remote: https://api.nuget.org/v3/index.json
    NUnit.ConsoleRunner (3.12)
